GEM
  remote: http://rubygems.org/
  specs:
    capistrano (2.15.9)
      highline
      net-scp (>= 1.0.0)
      net-sftp (>= 2.0.0)
      net-ssh (>= 2.0.14)
      net-ssh-gateway (>= 1.1.0)
    coderay (1.0.8)
    collins_client (0.2.10)
      httparty (~> 0.8.3)
    diff-lcs (1.1.3)
    git (1.2.5)
    highline (1.6.15)
    httparty (0.8.3)
      multi_json (~> 1.0)
      multi_xml
    jeweler (1.8.4)
      bundler (~> 1.0)
      git (>= 1.2.5)
      rake
      rdoc
    json (1.7.5)
    method_source (0.7.1)
    multi_json (1.5.0)
    multi_xml (0.5.1)
    mustache (0.99.4)
    net-scp (3.0.0)
      net-ssh (>= 2.6.5, < 7.0.0)
    net-sftp (3.0.0)
      net-ssh (>= 5.0.0, < 7.0.0)
    net-ssh (6.1.0)
    net-ssh-gateway (2.0.0)
      net-ssh (>= 4.0.0)
    pry (0.9.9.6)
      coderay (~> 1.0.5)
      method_source (~> 0.7.1)
      slop (>= 2.4.4, < 3)
    rake (10.0.3)
    rdoc (3.12)
      json (~> 1.4)
    redcarpet (3.5.1)
    rspec (2.10.0)
      rspec-core (~> 2.10.0)
      rspec-expectations (~> 2.10.0)
      rspec-mocks (~> 2.10.0)
    rspec-core (2.10.1)
    rspec-expectations (2.10.0)
      diff-lcs (~> 1.1.3)
    rspec-mocks (2.10.1)
    rubygems-update (1.8.24)
    slop (2.4.4)
    terminal-table (1.4.5)
    thor (0.16.0)
    yard (0.8.3)

PLATFORMS
  ruby

DEPENDENCIES
  capistrano (~> 2.15.5)
  collins_client (>= 0.2.10)
  highline (~> 1.6.15)
  jeweler (~> 1.8.3)
  mustache (~> 0.99.4)
  pry (~> 0.9.9.6)
  redcarpet
  rspec (~> 2.10.0)
  rubygems-update (~> 1.8.24)
  terminal-table (~> 1.4.5)
  thor (~> 0.16.0)
  yard (~> 0.8)
